GEM
  remote: http://rubygems.org/
  specs:
    tilt (1.3)

PLATFORMS
  ruby

DEPENDENCIES
  tilt
